GEM
  remote: https://rubygems.org/
  specs:
    color_echo (3.1.1)

PLATFORMS
  ruby

DEPENDENCIES
  color_echo

BUNDLED WITH
   1.16.3
