GEM
  remote: https://rubygems.org/
  specs:
    net-scp (1.2.1)
      net-ssh (>= 2.6.5)
    net-ssh (5.0.2)

PLATFORMS
  ruby

DEPENDENCIES
  net-scp
  net-ssh

BUNDLED WITH
   1.16.3
